GEM
  remote: https://rubygems.org/
  remote: https://gems.digitalnatives.hu/
  specs:
    bones (3.8.0)
      little-plugger (~> 1.1.3)
      loquacious (~> 1.9.1)
      rake (>= 0.8.7)
    bones-dinagems (0.5.0)
      bones (>= 3.5.0)
    diff-lcs (1.1.3)
    little-plugger (1.1.3)
    loquacious (1.9.1)
    rake (10.0.3)
    rjb (1.3.4)
    rspec (2.12.0)
      rspec-core (~> 2.12.0)
      rspec-expectations (~> 2.12.0)
      rspec-mocks (~> 2.12.0)
    rspec-core (2.12.2)
    rspec-expectations (2.12.1)
      diff-lcs (~> 1.1.3)
    rspec-mocks (2.12.1)

PLATFORMS
  ruby

DEPENDENCIES
  bones (= 3.8.0)
  bones-dinagems (= 0.5.0)
  rjb (= 1.3.4)
  rspec
